GEM
  remote: http://rubygems.org/
  specs:
    activerecord (2.3.5)
      activesupport (= 2.3.5)
    activesupport (2.3.5)
    backports (2.3.0)
    crack (0.1.8)
    fastercsv (1.4.0)
    hpricot (0.8.1)
    htmlentities (4.0.0)
    httparty (0.4.3)
      crack (>= 0.1.1)
    json (1.5.3)
    monkey-lib (0.5.4)
      backports
    rack (1.3.0)
    sinatra (1.0)
      rack (>= 1.0)
    sinatra-advanced-routes (0.5.1)
      monkey-lib (~> 0.5.0)
      sinatra (~> 1.0)
      sinatra-sugar (~> 0.5.0)
    sinatra-reloader (0.5.0)
      sinatra (~> 1.0)
      sinatra-advanced-routes (~> 0.5.0)
    sinatra-sugar (0.5.1)
      monkey-lib (~> 0.5.0)
      sinatra (~> 1.0)
    sunlight (1.0.5)
      json (>= 1.1.3)
      ym4r (>= 0.6.1)
    wirble (0.1.3)
    ym4r (0.6.1)

PLATFORMS
  ruby

DEPENDENCIES
  activerecord (>= 2.3)
  activesupport (= 2.3.5)
  fastercsv (= 1.4.0)
  hpricot (= 0.8.1)
  htmlentities (= 4.0.0)
  httparty (= 0.4.3)
  json (= 1.5.3)
  rack (= 1.3.0)
  sinatra (= 1.0)
  sinatra-reloader
  sunlight (= 1.0.5)
  wirble
